GEM
  remote: http://rubygems.org/
  specs:
    activesupport (2.3.8)
    base64 (0.2.0)
    haml (3.0.24)
    mustermann (3.0.0)
      ruby2_keywords (~> 0.0.1)
    rack (3.0.8)
    rack-protection (4.0.0)
      base64 (>= 0.1.0)
      rack (>= 3.0.0, < 4)
    rack-session (2.0.0)
      rack (>= 3.0.0)
    rake (0.8.7)
    rdiscount (1.6.5)
    ruby2_keywords (0.0.5)
    sinatra (4.0.0)
      mustermann (~> 3.0)
      rack (>= 3.0.0, < 4)
      rack-protection (= 4.0.0)
      rack-session (>= 2.0.0, < 3)
      tilt (~> 2.0)
    tilt (2.3.0)
    vegas (0.1.8)
      rack (>= 1.0.0)
    yajl-ruby (0.7.8)

PLATFORMS
  ruby

DEPENDENCIES
  activesupport (= 2.3.8)
  haml (= 3.0.24)
  rake
  rdiscount
  sinatra (>= 4.0.0)
  vegas
  yajl-ruby

BUNDLED WITH
   2.1.4
